PATH
  remote: .
  specs:
    surety (0.1.0)
      activerecord (>= 3.0)
      activesupport (>= 3.0)
      resque (>= 1.19.0)
      state_machine (>= 1.0.0)
      yajl-ruby (~> 0.8.2)

GEM
  remote: http://rubygems.org/
  specs:
    activemodel (3.0.11)
      activesupport (= 3.0.11)
      builder (~> 2.1.2)
      i18n (~> 0.5.0)
    activerecord (3.0.11)
      activemodel (= 3.0.11)
      activesupport (= 3.0.11)
      arel (~> 2.0.10)
      tzinfo (~> 0.3.23)
    activesupport (3.0.11)
    arel (2.0.10)
    builder (2.1.2)
    i18n (0.5.0)
    multi_json (1.0.4)
    mysql2 (0.2.7)
    rack (1.4.0)
    rack-protection (1.2.0)
      rack
    redis (2.2.2)
    redis-namespace (1.0.3)
      redis (< 3.0.0)
    resque (1.19.0)
      multi_json (~> 1.0)
      redis-namespace (~> 1.0.2)
      sinatra (>= 0.9.2)
      vegas (~> 0.1.2)
    sinatra (1.3.2)
      rack (~> 1.3, >= 1.3.6)
      rack-protection (~> 1.2)
      tilt (~> 1.3, >= 1.3.3)
    state_machine (1.1.1)
    tilt (1.3.3)
    tzinfo (0.3.31)
    vegas (0.1.8)
      rack (>= 1.0.0)
    yajl-ruby (0.8.3)

PLATFORMS
  ruby

DEPENDENCIES
  mysql2 (= 0.2.7)
  surety!
